GIT
  remote: https://github.com/xiewenwei/ssdb-rb.git
  revision: 911a14a06545431b547fb61379050c3a53b0ce29
  branch: feature/support-hlist-and-hscan
  specs:
    ssdb (0.1.3)

PATH
  remote: .
  specs:
    migrate-ssdb2pika (0.1.0)
      redis (>= 3)

GEM
  remote: https://rubygems.org/
  specs:
    minitest (5.11.3)
    rake (10.5.0)
    redis (4.1.0)

PLATFORMS
  ruby

DEPENDENCIES
  migrate-ssdb2pika!
  minitest (~> 5.0)
  rake (~> 10.0)
  ssdb!

BUNDLED WITH
   1.16.2
